PATH
  remote: .
  specs:
    bullion_vault (0.1.0)
      faraday_middleware (~> 0.3.2)
      hashie (~> 1.0.0)
      multi_xml (~> 0.2.1)

GEM
  remote: http://rubygems.org/
  specs:
    addressable (2.2.4)
    crack (0.1.8)
    diff-lcs (1.1.2)
    faraday (0.5.7)
      addressable (~> 2.2.4)
      multipart-post (~> 1.1.0)
      rack (< 2, >= 1.1.0)
    faraday_middleware (0.3.2)
      faraday (~> 0.5.4)
    hashie (1.0.0)
    multi_xml (0.2.1)
    multipart-post (1.1.0)
    rack (1.2.2)
    rake (0.8.7)
    rspec (2.5.0)
      rspec-core (~> 2.5.0)
      rspec-expectations (~> 2.5.0)
      rspec-mocks (~> 2.5.0)
    rspec-core (2.5.1)
    rspec-expectations (2.5.0)
      diff-lcs (~> 1.1.2)
    rspec-mocks (2.5.0)
    webmock (1.6.2)
      addressable (>= 2.2.2)
      crack (>= 0.1.7)

PLATFORMS
  ruby

DEPENDENCIES
  bullion_vault!
  rake (~> 0.8.7)
  rspec (~> 2.5.0)
  webmock (~> 1.6.2)
